GIT
  remote: https://github.com/PrincipleSoft/formtastic-bootstrap.git
  revision: cc967541ff3552bb31f3d4fa381a6077b6560d0a
  specs:
    formtastic-bootstrap (3.1.1)
      formtastic (>= 4.0)

GIT
  remote: https://github.com/PrincipleSoft/shakapacker.git
  revision: 77cbcfadac2af2430ccd85baa16a4799c591bf93
  branch: vue-loader
  specs:
    shakapacker (6.2.1)
      activesupport (>= 5.2)
      rack-proxy (>= 0.6.1)
      railties (>= 5.2)
      semantic_range (>= 2.3.0)

GIT
  remote: https://github.com/The-Pesto-Group/plutus.git
  revision: e3fa772d73de418eda69870ed398357d8bfc0d28
  branch: master
  specs:
    plutus (0.17)
      kaminari (~> 1.2)
      rails (> 6.0)

GIT
  remote: https://github.com/booleanbetrayal/mailboxer.git
  revision: cae4aadb62eb92d730c60ef5fb90be58bd4d0345
  branch: update_attributes-update
  specs:
    mailboxer (0.15.1)
      carrierwave (>= 0.5.8)
      rails (>= 5.0.0)

GIT
  remote: https://github.com/culov/simple_token_authentication.git
  revision: 94fc25655b02b9314c9f30669135b600a4ab06f2
  specs:
    simple_token_authentication (1.18.1)
      actionmailer (>= 3.2.6, < 8)
      actionpack (>= 3.2.6, < 8)
      devise (>= 3.2, < 6)

GIT
  remote: https://github.com/icalendar/icalendar.git
  revision: 14db8fdd36f9007fa2627b2c10a9cdf3c9f8f35a
  specs:
    icalendar (2.7.1)
      ice_cube (~> 0.16)

GIT
  remote: https://github.com/ignitionapp/state_machine.git
  revision: 5da742ec5dea40bafc6b2a19569364dc494be08b
  specs:
    state_machine (1.2.0)

GIT
  remote: https://github.com/leonid-shevtsov/unobtrusive_flash.git
  revision: 54e9789196ae23d47d2c585cca0d203b3bad24a5
  ref: 54e9789196ae23d47d2c585cca0d203b3bad24a5
  specs:
    unobtrusive_flash (2.1.0)
      railties

GIT
  remote: https://github.com/mongodb/mongoid.git
  revision: c7b5887b7365e1d7bfefdf54381323422e64cc5d
  branch: master
  specs:
    mongoid (7.3.0)
      activemodel (>= 5.1, < 7.1, != 7.0.0)
      mongo (>= 2.10.5, < 3.0.0)
      ruby2_keywords (~> 0.0.5)

GIT
  remote: https://github.com/stripe-ruby-mock/stripe-ruby-mock.git
  revision: 6ceea9679bb573cb8bc6830f1bdf670b220a9859
  branch: master
  specs:
    stripe-ruby-mock (3.1.0.rc3)
      dante (>= 0.2.0)
      multi_json (~> 1.0)
      stripe (> 5, < 6)

GIT
  remote: https://github.com/wazery/ratyrate.git
  revision: 718e4f9e340e2c7fbf76e190f3bb298ce291b711
  specs:
    ratyrate (1.2.2.alpha)

GEM
  remote: https://rubygems.org/
  specs:
    CFPropertyList (3.0.5)
      rexml
    action-cable-testing (0.6.1)
      actioncable (>= 5.0)
    actioncable (7.0.8.4)
      actionpack (= 7.0.8.4)
      activesupport (= 7.0.8.4)
      nio4r (~> 2.0)
      websocket-driver (>= 0.6.1)
    actionmailbox (7.0.8.4)
      actionpack (= 7.0.8.4)
      activejob (= 7.0.8.4)
      activerecord (= 7.0.8.4)
      activestorage (= 7.0.8.4)
      activesupport (= 7.0.8.4)
      mail (>= 2.7.1)
      net-imap
      net-pop
      net-smtp
    actionmailer (7.0.8.4)
      actionpack (= 7.0.8.4)
      actionview (= 7.0.8.4)
      activejob (= 7.0.8.4)
      activesupport (= 7.0.8.4)
      mail (~> 2.5, >= 2.5.4)
      net-imap
      net-pop
      net-smtp
      rails-dom-testing (~> 2.0)
    actionpack (7.0.8.4)
      actionview (= 7.0.8.4)
      activesupport (= 7.0.8.4)
      rack (~> 2.0, >= 2.2.4)
      rack-test (>= 0.6.3)
      rails-dom-testing (~> 2.0)
      rails-html-sanitizer (~> 1.0, >= 1.2.0)
    actiontext (7.0.8.4)
      actionpack (= 7.0.8.4)
      activerecord (= 7.0.8.4)
      activestorage (= 7.0.8.4)
      activesupport (= 7.0.8.4)
      globalid (>= 0.6.0)
      nokogiri (>= 1.8.5)
    actionview (7.0.8.4)
      activesupport (= 7.0.8.4)
      builder (~> 3.1)
      erubi (~> 1.4)
      rails-dom-testing (~> 2.0)
      rails-html-sanitizer (~> 1.1, >= 1.2.0)
    active_admin_theme (1.1.4)
    active_link_to (1.0.5)
      actionpack
      addressable
    activeadmin (3.2.4)
      arbre (~> 1.2, >= 1.2.1)
      csv
      formtastic (>= 3.1)
      formtastic_i18n (>= 0.4)
      inherited_resources (~> 1.7)
      jquery-rails (>= 4.2)
      kaminari (>= 1.2.1)
      railties (>= 6.1)
      ransack (>= 4.0)
    activeadmin_ace_editor (0.3.0)
      activeadmin (>= 1.0)
    activejob (7.0.8.4)
      activesupport (= 7.0.8.4)
      globalid (>= 0.3.6)
    activemodel (7.0.8.4)
      activesupport (= 7.0.8.4)
    activerecord (7.0.8.4)
      activemodel (= 7.0.8.4)
      activesupport (= 7.0.8.4)
    activestorage (7.0.8.4)
      actionpack (= 7.0.8.4)
      activejob (= 7.0.8.4)
      activerecord (= 7.0.8.4)
      activesupport (= 7.0.8.4)
      marcel (~> 1.0)
      mini_mime (>= 1.1.0)
    activesupport (7.0.8.4)
      concurrent-ruby (~> 1.0, >= 1.0.2)
      i18n (>= 1.6, < 2)
      minitest (>= 5.1)
      tzinfo (~> 2.0)
    acts-as-taggable-on (9.0.1)
      activerecord (>= 6.0, < 7.1)
    acts_as_commentable (4.0.2)
    acts_as_follower (0.2.1)
    acts_as_list (1.0.4)
      activerecord (>= 4.2)
    acts_as_tree (2.9.1)
      activerecord (>= 3.0.0)
    acts_as_votable (0.13.2)
    addressable (2.8.0)
      public_suffix (>= 2.0.2, < 5.0)
    airbrake (13.0.2)
      airbrake-ruby (~> 6.0)
    airbrake-ruby (6.1.1)
      rbtree3 (~> 0.5)
    airbrussh (1.4.0)
      sshkit (>= 1.6.1, != 1.7.0)
    aliyun-sdk (0.8.0)
      nokogiri (~> 1.6)
      rest-client (~> 2.0)
    amazon-ecs (2.6.0)
      nokogiri (~> 1.10)
    annotate (3.2.0)
      activerecord (>= 3.2, < 8.0)
      rake (>= 10.4, < 14.0)
    arbre (1.7.0)
      activesupport (>= 3.0.0)
      ruby2_keywords (>= 0.0.2)
    arctic_admin (4.3.1)
      activeadmin (>= 1.1.0, < 4.0)
      font-awesome-sass (~> 6.0)
    asset_sync (2.15.1)
      activemodel (>= 4.1.0)
      fog-core
      mime-types (>= 2.99)
      unf
    ast (2.4.2)
    authy (3.0.0)
      httpclient (>= 2.5.3.3)
    awesome_print (1.9.2)
    aws-eventstream (1.2.0)
    aws-partitions (1.554.0)
    aws-sdk-core (3.126.1)
      aws-eventstream (~> 1, >= 1.0.2)
      aws-partitions (~> 1, >= 1.525.0)
      aws-sigv4 (~> 1.1)
      jmespath (~> 1.0)
    aws-sdk-kms (1.54.0)
      aws-sdk-core (~> 3, >= 3.126.0)
      aws-sigv4 (~> 1.1)
    aws-sdk-s3 (1.48.0)
      aws-sdk-core (~> 3, >= 3.61.1)
      aws-sdk-kms (~> 1)
      aws-sigv4 (~> 1.1)
    aws-sigv4 (1.4.0)
      aws-eventstream (~> 1, >= 1.0.2)
    babosa (2.0.0)
    bcrypt (3.1.18)
    bindex (0.8.1)
    bitly (2.0.1)
      oauth2 (>= 0.5.0, < 2.0)
    bootsnap (1.10.3)
      msgpack (~> 1.2)
    braintree (4.5.0)
      builder (>= 3.2.4)
      rexml (>= 3.1.9)
    brakeman (6.2.1)
      racc
    browser (5.3.1)
    bson (4.14.1)
    buftok (0.2.0)
    builder (3.3.0)
    bullet (7.0.1)
      activesupport (>= 3.0.0)
      uniform_notifier (~> 1.11)
    bundler-audit (0.9.2)
      bundler (>= 1.2.0, < 3)
      thor (~> 1.0)
    bundler-leak (0.3.0)
      bundler (>= 1.2.0, < 3)
      thor (>= 0.18, < 2)
    byebug (11.1.3)
    cancancan (3.3.0)
    capistrano (3.17.0)
      airbrussh (>= 1.0.0)
      i18n
      rake (>= 10.0.0)
      sshkit (>= 1.9.0)
    capistrano-bundler (2.0.1)
      capistrano (~> 3.1)
    capistrano-rails (1.6.1)
      capistrano (~> 3.1)
      capistrano-bundler (>= 1.1, < 3)
    capistrano-rvm (0.1.2)
      capistrano (~> 3.0)
      sshkit (~> 1.2)
    capistrano-sidekiq (2.0.0)
      capistrano (>= 3.9.0)
      capistrano-bundler
      sidekiq (>= 6.0)
    carrierwave (3.0.7)
      activemodel (>= 6.0.0)
      activesupport (>= 6.0.0)
      addressable (~> 2.6)
      image_processing (~> 1.1)
      marcel (~> 1.0.0)
      ssrf_filter (~> 1.0)
    carrierwave_backgrounder (1.0.2)
      carrierwave (> 2.0, < 4.0)
      rails (> 6.0, < 8.0)
    chartkick (4.1.3)
    childprocess (4.1.0)
    choice (0.2.0)
    chronic (0.10.2)
    coderay (1.1.3)
    coffee-rails (5.0.0)
      coffee-script (>= 2.2.0)
      railties (>= 5.2.0)
    coffee-script (2.4.1)
      coffee-script-source
      execjs
    coffee-script-source (1.12.2)
    concurrent-ruby (1.3.4)
    connection_pool (2.4.1)
    countries (4.2.1)
      i18n_data (~> 0.15.0)
      sixarm_ruby_unaccent (~> 1.1)
    country_select (6.1.1)
      countries (~> 4.2)
      sort_alphabetical (~> 1.1)
    crack (0.4.5)
      rexml
    crass (1.0.6)
    csv (3.3.0)
    dante (0.2.0)
    date (3.3.4)
    declarative (0.0.20)
    devise (4.9.2)
      bcrypt (~> 3.0)
      orm_adapter (~> 0.1)
      railties (>= 4.1.0)
      responders
      warden (~> 1.2.3)
    devise_invitable (2.0.9)
      actionmailer (>= 5.0)
      devise (>= 4.6)
    diff-lcs (1.5.0)
    digest-crc (0.6.4)
      rake (>= 12.0.0, < 14.0.0)
    docile (1.4.0)
    domain_name (0.5.20190701)
      unf (>= 0.0.5, < 1.0.0)
    dotenv (2.7.6)
    dotenv-rails (2.7.6)
      dotenv (= 2.7.6)
      railties (>= 3.2)
    dropbox-sdk (1.6.5)
      json
    dry-inflector (0.2.1)
    email_spec (2.2.0)
      htmlentities (~> 4.3.3)
      launchy (~> 2.1)
      mail (~> 2.7)
    embedly (1.9.1)
      json
      oauth
      querystring
    equalizer (0.0.11)
    erubi (1.13.0)
    et-orbi (1.2.11)
      tzinfo
    excon (0.91.0)
    execjs (2.8.1)
    factory_bot (6.2.0)
      activesupport (>= 5.0.0)
    factory_bot_rails (6.2.0)
      factory_bot (~> 6.2.0)
      railties (>= 5.0.0)
    faraday (1.9.3)
      faraday-em_http (~> 1.0)
      faraday-em_synchrony (~> 1.0)
      faraday-excon (~> 1.1)
      faraday-httpclient (~> 1.0)
      faraday-multipart (~> 1.0)
      faraday-net_http (~> 1.0)
      faraday-net_http_persistent (~> 1.0)
      faraday-patron (~> 1.0)
      faraday-rack (~> 1.0)
      faraday-retry (~> 1.0)
      ruby2_keywords (>= 0.0.4)
    faraday-em_http (1.0.0)
    faraday-em_synchrony (1.0.0)
    faraday-excon (1.1.0)
    faraday-httpclient (1.0.1)
    faraday-multipart (1.0.3)
      multipart-post (>= 1.2, < 3)
    faraday-net_http (1.0.1)
    faraday-net_http_persistent (1.2.0)
    faraday-patron (1.0.0)
    faraday-rack (1.0.0)
    faraday-retry (1.0.3)
    ffi (1.17.0)
    ffi-compiler (1.0.1)
      ffi (>= 1.0.0)
      rake
    ffprober (1.0)
      sorbet-runtime
    fivemat (1.3.7)
    flutie (2.2.0)
    fog (1.24.0)
      fog-brightbox
      fog-core (~> 1.23)
      fog-json
      fog-radosgw (>= 0.0.2)
      fog-sakuracloud (>= 0.0.4)
      fog-softlayer
      ipaddress (~> 0.5)
      nokogiri (~> 1.5, >= 1.5.11)
    fog-aliyun (0.3.19)
      aliyun-sdk (~> 0.8.0)
      fog-core
      fog-json
      ipaddress (~> 0.8)
      xml-simple (~> 1.1)
    fog-aws (2.0.1)
      fog-core (~> 1.38)
      fog-json (~> 1.0)
      fog-xml (~> 0.1)
      ipaddress (~> 0.8)
    fog-brightbox (1.4.1)
      dry-inflector
      fog-core (>= 1.45, < 3.0)
      fog-json
    fog-core (1.45.0)
      builder
      excon (~> 0.58)
      formatador (~> 0.2)
    fog-digitalocean (0.4.0)
      fog-core
      fog-json
      fog-xml
      ipaddress (>= 0.5)
    fog-json (1.2.0)
      fog-core
      multi_json (~> 1.10)
    fog-local (0.8.0)
      fog-core (>= 1.27, < 3.0)
    fog-openstack (0.3.10)
      fog-core (>= 1.45, <= 2.1.0)
      fog-json (>= 1.0)
      ipaddress (>= 0.8)
    fog-ovirt (2.0.1)
      activesupport
      fog-core
      fog-json
      fog-xml
      ovirt-engine-sdk (>= 4.3.1)
    fog-powerdns (0.2.0)
      fog-core
      fog-json
      fog-xml
    fog-rackspace (0.1.6)
      fog-core (>= 1.35)
      fog-json (>= 1.0)
      fog-xml (>= 0.1)
      ipaddress (>= 0.8)
    fog-radosgw (0.0.5)
      fog-core (>= 1.21.0)
      fog-json
      fog-xml (>= 0.0.1)
    fog-sakuracloud (1.7.5)
      fog-core
      fog-json
    fog-softlayer (1.1.4)
      fog-core
      fog-json
    fog-vsphere (3.5.0)
      fog-core
      rbvmomi (>= 1.9, < 3)
    fog-xenserver (1.0.0)
      fog-core
      fog-xml
      xmlrpc
    fog-xml (0.1.4)
      fog-core
      nokogiri (>= 1.5.11, < 2.0.0)
    font-awesome-sass (6.5.2)
      sassc (~> 2.0)
    font_assets (0.1.14)
      rack
    foreman (0.87.2)
    forgery (0.8.1)
    formatador (0.3.0)
    formtastic (5.0.0)
      actionpack (>= 6.0.0)
    formtastic_i18n (0.7.0)
    friendly_id (5.4.2)
      activerecord (>= 4.0.0)
    fugit (1.11.1)
      et-orbi (~> 1, >= 1.2.11)
      raabro (~> 1.4)
    fullcalendar-rails (3.9.0.0)
      jquery-rails (>= 4.0.5, < 5.0.0)
      jquery-ui-rails (>= 5.0.2)
      momentjs-rails (>= 2.9.0)
    fuubar (2.5.1)
      rspec-core (~> 3.0)
      ruby-progressbar (~> 1.4)
    gems (1.2.0)
    gli (2.21.0)
    globalid (1.2.1)
      activesupport (>= 6.1)
    gon (6.4.0)
      actionpack (>= 3.0.20)
      i18n (>= 0.7)
      multi_json
      request_store (>= 1.0)
    google-api-client (0.53.0)
      google-apis-core (~> 0.1)
      google-apis-generator (~> 0.1)
    google-apis-core (0.4.2)
      addressable (~> 2.5, >= 2.5.1)
      googleauth (>= 0.16.2, < 2.a)
      httpclient (>= 2.8.1, < 3.a)
      mini_mime (~> 1.0)
      representable (~> 3.0)
      retriable (>= 2.0, < 4.a)
      rexml
      webrick
    google-apis-discovery_v1 (0.8.0)
      google-apis-core (>= 0.4, < 2.a)
    google-apis-generator (0.4.1)
      activesupport (>= 5.0)
      gems (~> 1.2)
      google-apis-core (>= 0.4, < 2.a)
      google-apis-discovery_v1 (~> 0.5)
      thor (>= 0.20, < 2.a)
    googleauth (1.1.1)
      faraday (>= 0.17.3, < 2.0)
      jwt (>= 1.4, < 3.0)
      memoist (~> 0.16)
      multi_json (~> 1.11)
      os (>= 0.9, < 2.0)
      signet (>= 0.16, < 2.a)
    haml (5.2.2)
      temple (>= 0.8.0)
      tilt
    handlebars_assets (0.23.9)
      execjs (~> 2.0)
      sprockets (>= 2.0.0)
      tilt (>= 1.2)
    has_scope (0.8.2)
      actionpack (>= 5.2)
      activesupport (>= 5.2)
    hashdiff (1.0.1)
    hashie (5.0.0)
    high_voltage (3.1.2)
    hiredis (0.6.3)
    hkdf (0.3.0)
    htmlentities (4.3.4)
    http-2 (0.11.0)
    http (4.4.1)
      addressable (~> 2.3)
      http-cookie (~> 1.0)
      http-form_data (~> 2.2)
      http-parser (~> 1.2.0)
    http-accept (1.7.0)
    http-cookie (1.0.4)
      domain_name (~> 0.5)
    http-form_data (2.3.0)
    http-parser (1.2.3)
      ffi-compiler (>= 1.0, < 2.0)
    http_parser.rb (0.6.0)
    httparty (0.21.0)
      mini_mime (>= 1.0.0)
      multi_xml (>= 0.5.2)
    httpclient (2.8.3)
    i18n (1.14.5)
      concurrent-ruby (~> 1.0)
    i18n-js (3.9.1)
      i18n (>= 0.6.6)
    i18n_data (0.15.0)
      simple_po_parser (~> 1.1)
    ice_cube (0.16.4)
    image_processing (1.12.2)
      mini_magick (>= 4.9.5, < 5)
      ruby-vips (>= 2.0.17, < 3)
    inherited_resources (1.14.0)
      actionpack (>= 6.0)
      has_scope (>= 0.6)
      railties (>= 6.0)
      responders (>= 2)
    ipaddress (0.8.3)
    jbuilder (2.11.5)
      actionview (>= 5.0.0)
      activesupport (>= 5.0.0)
    jmespath (1.6.1)
    jquery-rails (4.6.0)
      rails-dom-testing (>= 1, < 3)
      railties (>= 4.2.0)
      thor (>= 0.14, < 2.0)
    jquery-ui-rails (7.0.0)
      railties (>= 3.2.16)
    jquery-ui-themes (0.0.12)
      httparty
    js-routes (1.4.6)
      railties (>= 4)
      sprockets-rails
    json (2.6.1)
    json-schema (2.8.1)
      addressable (>= 2.4)
    jwk (0.3.0)
    jwt (2.3.0)
    kaminari (1.2.2)
      activesupport (>= 4.1.0)
      kaminari-actionview (= 1.2.2)
      kaminari-activerecord (= 1.2.2)
      kaminari-core (= 1.2.2)
    kaminari-actionview (1.2.2)
      actionview
      kaminari-core (= 1.2.2)
    kaminari-activerecord (1.2.2)
      activerecord
      kaminari-core (= 1.2.2)
    kaminari-core (1.2.2)
    kaminari-mongoid (1.0.2)
      kaminari-core (~> 1.0)
      mongoid
    koala (3.1.0)
      addressable
      faraday (< 2)
      json (>= 1.8)
      rexml
    kss (0.5.0)
    kss-rails (1.0.2)
      kss
      rails (>= 3.0.0)
    launchy (2.5.0)
      addressable (~> 2.7)
    logger (1.6.0)
    logidze (1.2.3)
      activerecord (>= 5.0)
      railties (>= 5.0)
      ruby-next-core (~> 0.9)
    loofah (2.22.0)
      crass (~> 1.0.2)
      nokogiri (>= 1.12.0)
    mail (2.8.1)
      mini_mime (>= 0.1.1)
      net-imap
      net-pop
      net-smtp
    marcel (1.0.4)
    mechanize (2.8.5)
      addressable (~> 2.8)
      domain_name (~> 0.5, >= 0.5.20190701)
      http-cookie (~> 1.0, >= 1.0.3)
      mime-types (~> 3.0)
      net-http-digest_auth (~> 1.4, >= 1.4.1)
      net-http-persistent (>= 2.5.2, < 5.0.dev)
      nokogiri (~> 1.11, >= 1.11.2)
      rubyntlm (~> 0.6, >= 0.6.3)
      webrick (~> 1.7)
      webrobots (~> 0.1.2)
    memoist (0.16.2)
    memoizable (0.4.2)
      thread_safe (~> 0.3, >= 0.3.1)
    method_source (1.1.0)
    mime-types (3.5.2)
      mime-types-data (~> 3.2015)
    mime-types-data (3.2024.0820)
    mini_magick (4.11.0)
    mini_mime (1.1.5)
    mini_portile2 (2.8.7)
    minitest (5.25.1)
    momentjs-rails (2.29.1.1)
      railties (>= 3.1)
    monetize (1.12.0)
      money (~> 6.12)
    money (6.16.0)
      i18n (>= 0.6.4, <= 2)
    money-open-exchange-rates (1.4.0)
      money (~> 6.12)
    money-rails (1.15.0)
      activesupport (>= 3.0)
      monetize (~> 1.9)
      money (~> 6.13)
      railties (>= 3.0)
    mongo (2.17.0)
      bson (>= 4.8.2, < 5.0.0)
    mono_logger (1.1.2)
    msgpack (1.4.5)
    multi_json (1.15.0)
    multi_xml (0.6.0)
    multipart-post (2.1.1)
    mustermann (3.0.2)
      ruby2_keywords (~> 0.0.1)
    naught (1.1.0)
    net-http-digest_auth (1.4.1)
    net-http-persistent (4.0.1)
      connection_pool (~> 2.2)
    net-http2 (0.18.4)
      http-2 (~> 0.11)
    net-imap (0.4.15)
      date
      net-protocol
    net-pop (0.1.2)
      net-protocol
    net-protocol (0.2.2)
      timeout
    net-scp (3.0.0)
      net-ssh (>= 2.6.5, < 7.0.0)
    net-smtp (0.5.0)
      net-protocol
    net-ssh (6.1.0)
    netrc (0.11.0)
    nio4r (2.7.3)
    nokogiri (1.16.7)
      mini_portile2 (~> 2.8.2)
      racc (~> 1.4)
    nokogiri (1.16.7-x86_64-linux)
      racc (~> 1.4)
    oauth (0.5.8)
    oauth2 (1.4.7)
      faraday (>= 0.8, < 2.0)
      jwt (>= 1.0, < 3.0)
      multi_json (~> 1.3)
      multi_xml (~> 0.5)
      rack (>= 1.2, < 3)
    omniauth (2.0.4)
      hashie (>= 3.4.6)
      rack (>= 1.6.2, < 3)
      rack-protection
    omniauth-apple (1.0.2)
      jwt
      omniauth-oauth2
    omniauth-facebook (9.0.0)
      omniauth-oauth2 (~> 1.2)
    omniauth-google-oauth2 (1.0.0)
      jwt (>= 2.0)
      oauth2 (~> 1.1)
      omniauth (~> 2.0)
      omniauth-oauth2 (~> 1.7.1)
    omniauth-oauth (1.2.0)
      oauth
      omniauth (>= 1.0, < 3)
    omniauth-oauth2 (1.7.2)
      oauth2 (~> 1.4)
      omniauth (>= 1.9, < 3)
    omniauth-rails_csrf_protection (1.0.1)
      actionpack (>= 4.2)
      omniauth (~> 2.0)
    omniauth-twitter (1.4.0)
      omniauth-oauth (~> 1.1)
      rack
    omniauth-zoom (1.1.0)
      omniauth (~> 2.0)
      omniauth-oauth2 (~> 1.7.1)
    optimist (3.0.1)
    orm_adapter (0.5.0)
    os (1.1.4)
    ovirt-engine-sdk (4.4.1)
      json (>= 1, < 3)
    parallel (1.21.0)
    parser (3.1.0.0)
      ast (~> 2.4.1)
    paypal-sdk-rest (1.7.4)
      multi_json (~> 1.0)
      xml-simple
    pg (1.3.2)
    pg_search (2.3.6)
      activerecord (>= 5.2)
      activesupport (>= 5.2)
    phonelib (0.6.55)
    phony (2.19.9)
    phony_rails (0.15.0)
      activesupport (>= 3.0)
      phony (>= 2.18.12)
    pry (0.14.1)
      coderay (~> 1.1)
      method_source (~> 1.0)
    pry-rails (0.3.9)
      pry (>= 0.10.4)
    public_suffix (4.0.6)
    puma (6.4.2)
      nio4r (~> 2.0)
    pundit (2.2.0)
      activesupport (>= 3.0.0)
    querystring (0.1.0)
    raabro (1.4.0)
    racc (1.8.1)
    rack (2.2.9)
    rack-attack (6.6.0)
      rack (>= 1.0, < 3)
    rack-cors (1.1.1)
      rack (>= 2.0.0)
    rack-protection (3.0.6)
      rack
    rack-proxy (0.7.2)
      rack
    rack-test (2.1.0)
      rack (>= 1.3)
    rails (7.0.8.4)
      actioncable (= 7.0.8.4)
      actionmailbox (= 7.0.8.4)
      actionmailer (= 7.0.8.4)
      actionpack (= 7.0.8.4)
      actiontext (= 7.0.8.4)
      actionview (= 7.0.8.4)
      activejob (= 7.0.8.4)
      activemodel (= 7.0.8.4)
      activerecord (= 7.0.8.4)
      activestorage (= 7.0.8.4)
      activesupport (= 7.0.8.4)
      bundler (>= 1.15.0)
      railties (= 7.0.8.4)
    rails-controller-testing (1.0.5)
      actionpack (>= 5.0.1.rc1)
      actionview (>= 5.0.1.rc1)
      activesupport (>= 5.0.1.rc1)
    rails-dom-testing (2.2.0)
      activesupport (>= 5.0.0)
      minitest
      nokogiri (>= 1.6)
    rails-erd (1.6.1)
      activerecord (>= 4.2)
      activesupport (>= 4.2)
      choice (~> 0.2.0)
      ruby-graphviz (~> 1.2)
    rails-html-sanitizer (1.6.0)
      loofah (~> 2.21)
      nokogiri (~> 1.14)
    rails-settings-cached (0.6.6)
      rails (>= 4.2.0)
    railties (7.0.8.4)
      actionpack (= 7.0.8.4)
      activesupport (= 7.0.8.4)
      method_source
      rake (>= 12.2)
      thor (~> 1.0)
      zeitwerk (~> 2.5)
    rainbow (3.1.1)
    rake (13.2.1)
    ransack (4.2.1)
      activerecord (>= 6.1.5)
      activesupport (>= 6.1.5)
      i18n
    rbtree3 (0.7.0)
    rbvmomi (2.4.1)
      builder (~> 3.0)
      json (>= 1.8)
      nokogiri (~> 1.5)
      optimist (~> 3.0)
    recaptcha (5.8.1)
      json
    redcarpet (3.5.1)
    redis (4.8.1)
    redis-actionpack (5.3.0)
      actionpack (>= 5, < 8)
      redis-rack (>= 2.1.0, < 3)
      redis-store (>= 1.1.0, < 2)
    redis-activesupport (5.3.0)
      activesupport (>= 3, < 8)
      redis-store (>= 1.3, < 2)
    redis-client (0.22.2)
      connection_pool
    redis-namespace (1.8.1)
      redis (>= 3.0.4)
    redis-rack (2.1.4)
      rack (>= 2.0.8, < 3)
      redis-store (>= 1.2, < 2)
    redis-rails (5.0.2)
      redis-actionpack (>= 5.0, < 6)
      redis-activesupport (>= 5.0, < 6)
      redis-store (>= 1.2, < 2)
    redis-store (1.9.1)
      redis (>= 4, < 5)
    regexp_parser (2.2.1)
    representable (3.1.1)
      declarative (< 0.1.0)
      trailblazer-option (>= 0.1.1, < 0.2.0)
      uber (< 0.2.0)
    request_store (1.5.1)
      rack (>= 1.4)
    responders (3.1.1)
      actionpack (>= 5.2)
      railties (>= 5.2)
    resque (2.6.0)
      mono_logger (~> 1.0)
      multi_json (~> 1.0)
      redis-namespace (~> 1.6)
      sinatra (>= 0.9.2)
    rest-client (2.1.0)
      http-accept (>= 1.7.0, < 2.0)
      http-cookie (>= 1.0.2, < 2.0)
      mime-types (>= 1.16, < 4.0)
      netrc (~> 0.8)
    retriable (3.1.2)
    retryable (3.0.5)
    rexml (3.3.6)
      strscan
    rspec (3.11.0)
      rspec-core (~> 3.11.0)
      rspec-expectations (~> 3.11.0)
      rspec-mocks (~> 3.11.0)
    rspec-collection_matchers (1.2.0)
      rspec-expectations (>= 2.99.0.beta1)
    rspec-core (3.11.0)
      rspec-support (~> 3.11.0)
    rspec-expectations (3.11.0)
      diff-lcs (>= 1.2.0, < 2.0)
      rspec-support (~> 3.11.0)
    rspec-its (1.3.0)
      rspec-core (>= 3.0.0)
      rspec-expectations (>= 3.0.0)
    rspec-mocks (3.11.0)
      diff-lcs (>= 1.2.0, < 2.0)
      rspec-support (~> 3.11.0)
    rspec-rails (5.1.0)
      actionpack (>= 5.2)
      activesupport (>= 5.2)
      railties (>= 5.2)
      rspec-core (~> 3.10)
      rspec-expectations (~> 3.10)
      rspec-mocks (~> 3.10)
      rspec-support (~> 3.10)
    rspec-support (3.11.0)
    rswag-api (2.5.1)
      railties (>= 3.1, < 7.1)
    rswag-specs (2.5.1)
      activesupport (>= 3.1, < 7.1)
      json-schema (~> 2.2)
      railties (>= 3.1, < 7.1)
    rswag-ui (2.5.1)
      actionpack (>= 3.1, < 7.1)
      railties (>= 3.1, < 7.1)
    rubocop (1.25.1)
      parallel (~> 1.10)
      parser (>= 3.1.0.0)
      rainbow (>= 2.2.2, < 4.0)
      regexp_parser (>= 1.8, < 3.0)
      rexml
      rubocop-ast (>= 1.15.1, < 2.0)
      ruby-progressbar (~> 1.7)
      unicode-display_width (>= 1.4.0, < 3.0)
    rubocop-ast (1.15.2)
      parser (>= 3.0.1.1)
    rubocop-performance (1.13.2)
      rubocop (>= 1.7.0, < 2.0)
      rubocop-ast (>= 0.4.0)
    rubocop-rails (2.13.2)
      activesupport (>= 4.2.0)
      rack (>= 1.1)
      rubocop (>= 1.7.0, < 2.0)
    rubocop-rspec (2.8.0)
      rubocop (~> 1.19)
    ruby-graphviz (1.2.5)
      rexml
    ruby-kafka (1.4.0)
      digest-crc
    ruby-next-core (0.15.3)
    ruby-progressbar (1.11.0)
    ruby-vips (2.1.4)
      ffi (~> 1.12)
    ruby2_keywords (0.0.5)
    rubyntlm (0.6.3)
    rubyzip (2.3.2)
    rufus-scheduler (3.8.1)
      fugit (~> 1.1, >= 1.1.6)
    sanitize (6.1.3)
      crass (~> 1.0.2)
      nokogiri (>= 1.12.0)
    sassc (2.4.0)
      ffi (~> 1.9)
    sassc-rails (2.1.2)
      railties (>= 4.0.0)
      sassc (>= 2.0)
      sprockets (> 3.0)
      sprockets-rails
      tilt
    selenium-webdriver (4.1.0)
      childprocess (>= 0.5, < 5.0)
      rexml (~> 3.2, >= 3.2.5)
      rubyzip (>= 1.2.2)
    semantic_range (3.0.0)
    shortener (0.8.2)
      voight_kampff (~> 1.1.2)
    shoulda-callback-matchers (1.1.4)
      activesupport (>= 3)
    shoulda-matchers (5.1.0)
      activesupport (>= 5.2.0)
    sidekiq (7.3.1)
      concurrent-ruby (< 2)
      connection_pool (>= 2.3.0)
      logger
      rack (>= 2.2.4)
      redis-client (>= 0.22.2)
    sidekiq-cron (1.12.0)
      fugit (~> 1.8)
      globalid (>= 1.0.1)
      sidekiq (>= 6)
    signet (0.16.0)
      addressable (~> 2.8)
      faraday (>= 0.17.3, < 2.0)
      jwt (>= 1.5, < 3.0)
      multi_json (~> 1.10)
    simple_oauth (0.3.1)
    simple_po_parser (1.1.5)
    simplecov (0.21.2)
      docile (~> 1.1)
      simplecov-html (~> 0.11)
      simplecov_json_formatter (~> 0.1)
    simplecov-html (0.12.3)
    simplecov_json_formatter (0.1.4)
    sinatra (3.0.6)
      mustermann (~> 3.0)
      rack (~> 2.2, >= 2.2.4)
      rack-protection (= 3.0.6)
      tilt (~> 2.0)
    sixarm_ruby_unaccent (1.2.0)
    sorbet-runtime (0.5.9644)
    sort_alphabetical (1.1.0)
      unicode_utils (>= 1.2.2)
    sprockets (4.0.3)
      concurrent-ruby (~> 1.0)
      rack (> 1, < 3)
    sprockets-rails (3.4.2)
      actionpack (>= 5.2)
      activesupport (>= 5.2)
      sprockets (>= 3.0.0)
    sshkit (1.21.2)
      net-scp (>= 1.1.2)
      net-ssh (>= 2.8.0)
    ssrf_filter (1.1.2)
    stripe (5.55.0)
    strscan (3.1.0)
    switch_user (1.5.4)
    sync (0.5.0)
    temple (0.8.2)
    term-ansicolor (1.7.1)
      tins (~> 1.0)
    thor (1.3.1)
    thread_safe (0.3.6)
    tilt (2.1.0)
    timecop (0.9.4)
    timeout (0.4.1)
    tins (1.31.0)
      sync
    toolong-dontread (0.0.4)
      activerecord
      rake
    traceroute (0.8.1)
      rails (>= 3.0.0)
    trailblazer-option (0.1.2)
    twitter (7.0.0)
      addressable (~> 2.3)
      buftok (~> 0.2.0)
      equalizer (~> 0.0.11)
      http (~> 4.0)
      http-form_data (~> 2.0)
      http_parser.rb (~> 0.6.0)
      memoizable (~> 0.4.0)
      multipart-post (~> 2.0)
      naught (~> 1.0)
      simple_oauth (~> 0.3.0)
    tzinfo (2.0.6)
      concurrent-ruby (~> 1.0)
    uber (0.1.0)
    uglifier (4.2.0)
      execjs (>= 0.3.0, < 3)
    unf (0.1.4)
      unf_ext
    unf_ext (0.0.8)
    unicode-display_width (2.1.0)
    unicode_utils (1.4.0)
    uniform_notifier (1.14.2)
    user_agent_parser (2.9.0)
    utm-builder (0.1.0)
    validation_skipper (1.2.0)
      activerecord
    vcr (6.1.0)
    voight_kampff (1.1.4)
      rack (>= 1.4, < 3.0)
    warden (1.2.9)
      rack (>= 2.0.9)
    web-console (4.2.0)
      actionview (>= 6.0.0)
      activemodel (>= 6.0.0)
      bindex (>= 0.4.0)
      railties (>= 6.0.0)
    webmock (3.14.0)
      addressable (>= 2.8.0)
      crack (>= 0.3.2)
      hashdiff (>= 0.4.0, < 2.0.0)
    webpush (1.1.0)
      hkdf (~> 0.2)
      jwt (~> 2.0)
    webrat (0.7.3)
      nokogiri (>= 1.2.0)
      rack (>= 1.0)
      rack-test (>= 0.5.3)
    webrick (1.7.0)
    webrobots (0.1.2)
    websocket-driver (0.7.6)
      websocket-extensions (>= 0.1.0)
    websocket-extensions (0.1.5)
    wicked (1.4.0)
      railties (>= 3.0.7)
    xml-simple (1.1.9)
      rexml
    xmlrpc (0.3.2)
      webrick
    zeitwerk (2.6.17)

PLATFORMS
  ruby
  x86_64-linux

DEPENDENCIES
  CFPropertyList
  action-cable-testing
  active_admin_theme
  active_link_to
  activeadmin (>= 3.2.2)
  activeadmin_ace_editor
  acts-as-taggable-on
  acts_as_commentable
  acts_as_follower
  acts_as_list
  acts_as_tree
  acts_as_votable
  addressable (>= 2.8.0)
  airbrake
  amazon-ecs
  annotate
  arctic_admin
  asset_sync
  authy
  awesome_print
  aws-sdk-s3 (= 1.48)
  babosa
  bcrypt
  bitly
  bootsnap
  braintree
  brakeman (~> 6.2, >= 6.2.1)
  browser (>= 5.3.1)
  bson
  bullet
  bundler-audit (~> 0.9.1)
  bundler-leak (~> 0.3.0)
  byebug
  cancancan
  capistrano
  capistrano-bundler
  capistrano-rails
  capistrano-rvm
  capistrano-sidekiq
  carrierwave (>= 2.2.6)
  carrierwave_backgrounder
  chartkick
  chronic
  coffee-rails
  concurrent-ruby
  countries
  country_select
  devise
  devise_invitable (>= 2.0.9)
  docile
  domain_name
  dotenv-rails
  dropbox-sdk
  email_spec
  embedly
  et-orbi
  excon
  execjs
  factory_bot_rails
  ffprober
  fivemat
  flutie
  fog
  fog-aliyun
  fog-aws
  fog-brightbox
  fog-digitalocean
  fog-json
  fog-local
  fog-openstack
  fog-ovirt
  fog-powerdns
  fog-rackspace
  fog-vsphere
  fog-xenserver
  font_assets
  foreman
  forgery
  formtastic
  formtastic-bootstrap!
  friendly_id
  fugit
  fullcalendar-rails
  fuubar
  gli
  gon
  google-api-client
  googleauth (>= 0.8.1)
  haml
  handlebars_assets
  hashdiff
  high_voltage
  hiredis
  i18n-js
  icalendar!
  image_processing (~> 1.2)
  jbuilder
  jmespath (>= 1.6.1)
  jquery-rails
  jquery-ui-rails
  jquery-ui-themes
  js-routes (= 1.4.6)
  jwk
  jwt
  kaminari
  kaminari-mongoid
  koala
  kss-rails
  logidze
  mailboxer!
  mechanize (>= 2.8.5)
  mini_magick
  momentjs-rails
  monetize
  money-open-exchange-rates
  money-rails (>= 1.13.2)
  mongoid!
  net-http2
  omniauth
  omniauth-apple
  omniauth-facebook
  omniauth-google-oauth2
  omniauth-rails_csrf_protection
  omniauth-twitter
  omniauth-zoom
  paypal-sdk-rest
  pg
  pg_search
  phonelib
  phony_rails
  plutus!
  pry-rails
  puma
  pundit
  rack-attack
  rack-cors
  rails (>= 7.0.8.1)
  rails-controller-testing
  rails-erd
  rails-settings-cached (= 0.6.6)
  rake
  ratyrate!
  rbvmomi
  recaptcha
  redcarpet
  redis
  redis-namespace
  redis-rails
  resque (>= 2.6.0)
  retryable
  rspec (>= 3.8.0)
  rspec-collection_matchers
  rspec-its
  rspec-rails
  rswag-api
  rswag-specs
  rswag-ui
  rubocop
  rubocop-performance
  rubocop-rails
  rubocop-rspec
  ruby-kafka
  rufus-scheduler
  sanitize
  sassc-rails
  selenium-webdriver
  shakapacker!
  shortener
  shoulda-callback-matchers
  shoulda-matchers
  sidekiq (>= 6.5.10)
  sidekiq-cron
  simple_token_authentication!
  simplecov
  sprockets-rails
  state_machine!
  stripe
  stripe-ruby-mock!
  switch_user
  term-ansicolor
  timecop
  toolong-dontread
  traceroute (~> 0.8.1)
  twitter
  uglifier
  unobtrusive_flash!
  user_agent_parser
  utm-builder
  validation_skipper
  vcr
  voight_kampff
  warden
  web-console
  webmock
  webpush
  webrat
  wicked
  xmlrpc

BUNDLED WITH
   2.3.3
